GEM
  remote: https://rubygems.org/
  specs:
    addressable (2.3.8)
    bundle (0.0.1)
      bundler
    coderay (1.1.0)
    dotenv (2.0.1)
    json (1.8.2)
    method_source (0.8.2)
    mime-types (1.25.1)
    pry (0.10.1)
      coderay (~> 1.1.0)
      method_source (~> 0.8.1)
      slop (~> 3.4)
    rack (1.6.0)
    rack-protection (1.5.3)
      rack
    rdoc (4.2.0)
      json (~> 1.4)
    redis (3.2.1)
    rest-client (1.6.8)
      mime-types (~> 1.16)
      rdoc (>= 2.4.2)
    shotgun (0.9.1)
      rack (>= 1.0)
    sinatra (1.4.6)
      rack (~> 1.4)
      rack-protection (~> 1.4)
      tilt (>= 1.3, < 3)
    slop (3.6.0)
    tilt (2.0.1)
    unirest (1.1.2)
      addressable (~> 2.3.5)
      json (~> 1.8.1)
      rest-client (~> 1.6.7)

PLATFORMS
  ruby

DEPENDENCIES
  bundle
  bundler
  dotenv
  json
  pry
  redis
  shotgun
  sinatra
  unirest
